GEM
  remote: https://rubygems.org/
  specs:
    power_assert (1.0.2)
    test-unit (3.1.9)
      power_assert

PLATFORMS
  ruby

DEPENDENCIES
  test-unit (= 3.1.9)

RUBY VERSION
   ruby 2.3.0p0

BUNDLED WITH
   1.14.6
